PATH
  remote: .
  specs:
    copyscape (0.1.0)
      httparty (>= 0.15.0)
      nokogiri (>= 1.8.0)

GEM
  remote: https://rubygems.org/
  specs:
    httparty (0.16.1)
      multi_xml (>= 0.5.2)
    mini_portile2 (2.3.0)
    mocha (0.9.8)
      rake
    multi_xml (0.6.0)
    nokogiri (1.8.2)
      mini_portile2 (~> 2.3.0)
    rake (0.8.7)
    shoulda-context (1.0.0.beta1)

PLATFORMS
  ruby

DEPENDENCIES
  copyscape!
  mocha
  shoulda-context

BUNDLED WITH
   1.15.3
