PATH
  remote: .
  specs:
    galetahub-copyscape (0.1.0)
      httparty (>= 0.15.0)
      nokogiri (>= 1.8.0)

GEM
  remote: https://rubygems.org/
  specs:
    httparty (0.16.1)
      multi_xml (>= 0.5.2)
    metaclass (0.0.4)
    mini_portile2 (2.3.0)
    mocha (1.3.0)
      metaclass (~> 0.0.1)
    multi_xml (0.6.0)
    nokogiri (1.8.2)
      mini_portile2 (~> 2.3.0)
    power_assert (1.1.1)
    rake (10.5.0)
    shoulda-context (1.2.2)
    test-unit (3.2.7)
      power_assert

PLATFORMS
  ruby

DEPENDENCIES
  galetahub-copyscape!
  mocha
  rake (~> 10.0)
  shoulda-context
  test-unit (>= 3.2.0)

BUNDLED WITH
   1.15.3
