PATH
  remote: .
  specs:
    copyscape (0.0.5)
      httparty (>= 0.8.1)
      nokogiri (>= 1.4.1)

GEM
  remote: https://rubygems.org/
  specs:
    httparty (0.11.0)
      multi_json (~> 1.0)
      multi_xml (>= 0.5.2)
    mini_portile (0.5.1)
    mocha (0.9.8)
      rake
    multi_json (1.7.7)
    multi_xml (0.5.4)
    nokogiri (1.6.0)
      mini_portile (~> 0.5.0)
    rake (0.8.7)
    shoulda-context (1.0.0.beta1)

PLATFORMS
  ruby

DEPENDENCIES
  bundler (>= 1.0.0)
  copyscape!
  mocha
  rake (= 0.8.7)
  shoulda-context
